NUGET
  remote: https://www.nuget.org/api/v2
    Microsoft.ServiceFabric (5.5.216)
    Microsoft.ServiceFabric.Actors (2.5.216)
      Microsoft.ServiceFabric (5.5.216)
      Microsoft.ServiceFabric.Data (2.5.216)
      Microsoft.ServiceFabric.Services (2.5.216)
      Microsoft.ServiceFabric.Services.Remoting (2.5.216)
    Microsoft.ServiceFabric.Data (2.5.216)
      Microsoft.ServiceFabric (5.5.216)
    Microsoft.ServiceFabric.FabricTransport.Internal (2.5.216)
      Microsoft.ServiceFabric (5.5.216)
    Microsoft.ServiceFabric.Services (2.5.216)
      Microsoft.ServiceFabric (5.5.216)
      Microsoft.ServiceFabric.Data (2.5.216)
    Microsoft.ServiceFabric.Services.Remoting (2.5.216)
      Microsoft.ServiceFabric.FabricTransport.Internal (2.5.216)
      Microsoft.ServiceFabric.Services (2.5.216)
